GEM
  remote: http://rubygems.org/
  specs:
    elasticsearch (1.0.17)
      elasticsearch-api (= 1.0.17)
      elasticsearch-transport (= 1.0.17)
    elasticsearch-api (1.0.17)
      multi_json
    elasticsearch-transport (1.0.17)
      faraday
      multi_json
    faraday (0.9.2)
      multipart-post (>= 1.2, < 3)
    libv8 (3.16.14.7)
    mimemagic (0.3.0)
    multi_json (1.11.2)
    multipart-post (2.0.0)
    puma (3.3.0)
    rack (1.5.2)
    rack-rewrite (1.5.0)
    ref (1.0.5)
    sendgrid-ruby (1.1.5)
      faraday (~> 0.9)
      mimemagic
      smtpapi (~> 0.1)
    smtpapi (0.1.0)
    therubyracer (0.12.1)
      libv8 (~> 3.16.14.0)
      ref

PLATFORMS
  ruby

DEPENDENCIES
  elasticsearch
  puma
  rack
  rack-rewrite
  sendgrid-ruby (< 3.0)
  therubyracer

BUNDLED WITH
   1.11.2
